GEM
  remote: https://rubygems.org/
  specs:
    mini_portile2 (2.0.0)
    nokogiri (1.6.7.2)
      mini_portile2 (~> 2.0.0.rc2)
    paint (1.0.1)
    restclient (0.11.3)
      paint (~> 1.0)

PLATFORMS
  ruby

DEPENDENCIES
  nokogiri
  restclient

BUNDLED WITH
   1.11.2
